GEM
  remote: https://rubygems.org/
  specs:
    byebug (11.1.3)
    sqlite3 (1.4.4)

PLATFORMS
  arm64-darwin-20

DEPENDENCIES
  byebug
  sqlite3

BUNDLED WITH
   2.3.17
